STORAGE: NONE
RESTRICTION: == net8.0
NUGET
  remote: https://api.nuget.org/v3/index.json
    Azure.Core (1.42)
      Microsoft.Bcl.AsyncInterfaces (>= 6.0)
      System.ClientModel (>= 1.0)
      System.Diagnostics.DiagnosticSource (>= 6.0.1)
      System.Memory.Data (>= 1.0.2)
      System.Numerics.Vectors (>= 4.5)
      System.Text.Encodings.Web (>= 6.0)
      System.Text.Json (>= 4.7.2)
      System.Threading.Tasks.Extensions (>= 4.5.4)
    FSharp.Core (8.0.400)
    FSharp.Quotations.Evaluator (2.1)
      FSharp.Core (>= 4.3.1)
    Giraffe (6.4)
      FSharp.Core (>= 6.0)
      Giraffe.ViewEngine (>= 1.4)
      Microsoft.IO.RecyclableMemoryStream (>= 3.0)
      Newtonsoft.Json (>= 13.0.3)
      System.Text.Json (>= 8.0.3)
    Giraffe.ViewEngine (1.4)
      FSharp.Core (>= 5.0)
    Microsoft.AspNetCore.Authentication.JwtBearer (8.0.8)
      Microsoft.IdentityModel.Protocols.OpenIdConnect (>= 7.1.2)
    Microsoft.AspNetCore.TestHost (8.0.8)
      System.IO.Pipelines (>= 8.0)
    Microsoft.Azure.Cosmos (3.43)
      Azure.Core (>= 1.19)
      Microsoft.Bcl.AsyncInterfaces (>= 1.0)
      Microsoft.Bcl.HashCode (>= 1.1)
      Newtonsoft.Json (>= 10.0.2)
      System.Buffers (>= 4.5.1)
      System.Collections.Immutable (>= 1.7)
      System.Configuration.ConfigurationManager (>= 6.0)
      System.Diagnostics.DiagnosticSource (>= 6.0.1)
      System.Memory (>= 4.5.4)
      System.Numerics.Vectors (>= 4.5)
      System.Runtime.CompilerServices.Unsafe (>= 6.0)
      System.Threading.Tasks.Extensions (>= 4.5.4)
      System.ValueTuple (>= 4.5)
    Microsoft.Bcl.AsyncInterfaces (8.0)
    Microsoft.Bcl.HashCode (1.1.1)
    Microsoft.CodeCoverage (17.11.1)
    Microsoft.Extensions.ApiDescription.Server (8.0.8)
    Microsoft.IdentityModel.Abstractions (8.0.2)
    Microsoft.IdentityModel.JsonWebTokens (8.0.2)
      Microsoft.IdentityModel.Tokens (>= 8.0.2)
    Microsoft.IdentityModel.Logging (8.0.2)
      Microsoft.IdentityModel.Abstractions (>= 8.0.2)
    Microsoft.IdentityModel.Protocols (8.0.2)
      Microsoft.IdentityModel.Tokens (>= 8.0.2)
    Microsoft.IdentityModel.Protocols.OpenIdConnect (8.0.2)
      Microsoft.IdentityModel.Protocols (>= 8.0.2)
      System.IdentityModel.Tokens.Jwt (>= 8.0.2)
    Microsoft.IdentityModel.Tokens (8.0.2)
      Microsoft.IdentityModel.Logging (>= 8.0.2)
    Microsoft.IO.RecyclableMemoryStream (3.0.1)
    Microsoft.NET.Test.Sdk (17.11.1)
      Microsoft.CodeCoverage (>= 17.11.1)
      Microsoft.TestPlatform.TestHost (>= 17.11.1)
    Microsoft.NETCore.Platforms (7.0.4)
    Microsoft.OpenApi (1.6.21)
    Microsoft.TestPlatform.ObjectModel (17.11.1)
      System.Reflection.Metadata (>= 1.6)
    Microsoft.TestPlatform.TestHost (17.11.1)
      Microsoft.TestPlatform.ObjectModel (>= 17.11.1)
      Newtonsoft.Json (>= 13.0.1)
    NETStandard.Library (2.0.3)
      Microsoft.NETCore.Platforms (>= 1.1)
    Newtonsoft.Json (13.0.3)
    Swashbuckle.AspNetCore (6.7.3)
      Microsoft.Extensions.ApiDescription.Server (>= 6.0.5)
      Swashbuckle.AspNetCore.Swagger (>= 6.7.3)
      Swashbuckle.AspNetCore.SwaggerGen (>= 6.7.3)
      Swashbuckle.AspNetCore.SwaggerUI (>= 6.7.3)
    Swashbuckle.AspNetCore.Swagger (6.7.3)
      Microsoft.OpenApi (>= 1.6.14)
    Swashbuckle.AspNetCore.SwaggerGen (6.7.3)
      Swashbuckle.AspNetCore.Swagger (>= 6.7.3)
    Swashbuckle.AspNetCore.SwaggerUI (6.7.3)
    System.Buffers (4.5.1)
    System.ClientModel (1.0)
      System.Memory.Data (>= 1.0.2)
      System.Text.Json (>= 4.7.2)
    System.Collections.Immutable (8.0)
    System.Configuration.ConfigurationManager (8.0)
      System.Diagnostics.EventLog (>= 8.0)
      System.Security.Cryptography.ProtectedData (>= 8.0)
    System.Diagnostics.DiagnosticSource (8.0.1)
    System.Diagnostics.EventLog (8.0)
    System.IdentityModel.Tokens.Jwt (8.0.2)
      Microsoft.IdentityModel.JsonWebTokens (>= 8.0.2)
      Microsoft.IdentityModel.Tokens (>= 8.0.2)
    System.IO.Pipelines (8.0)
    System.Memory (4.5.5)
    System.Memory.Data (8.0)
      System.Text.Json (>= 8.0)
    System.Numerics.Vectors (4.5)
    System.Reflection.Metadata (8.0)
      System.Collections.Immutable (>= 8.0)
    System.Runtime.CompilerServices.Unsafe (6.0)
    System.Security.Cryptography.ProtectedData (8.0)
    System.Text.Encodings.Web (8.0)
    System.Text.Json (8.0.4)
      System.Text.Encodings.Web (>= 8.0)
    System.Threading.Tasks.Extensions (4.5.4)
    System.ValueTuple (4.5)
    TaskBuilder.fs (2.1)
      FSharp.Core (>= 4.1.17)
      NETStandard.Library (>= 1.6.1)
      System.ValueTuple (>= 4.4)
    xunit (2.9)
      xunit.analyzers (>= 1.15)
      xunit.assert (>= 2.9)
      xunit.core (2.9)
    xunit.abstractions (2.0.3)
    xunit.analyzers (1.16)
    xunit.assert (2.9)
    xunit.core (2.9)
      xunit.extensibility.core (2.9)
      xunit.extensibility.execution (2.9)
    xunit.extensibility.core (2.9)
      xunit.abstractions (>= 2.0.3)
    xunit.extensibility.execution (2.9)
      xunit.extensibility.core (2.9)
    xunit.runner.visualstudio (2.8.2)
